GEM
  remote: http://rubygems.org/
  specs:
    robut (0.3.0)
      xmpp4r (~> 0.5.0)
    xmpp4r (0.5)

PLATFORMS
  ruby

DEPENDENCIES
  robut
