GEM
  remote: http://rubygems.org/
  specs:
    diff-lcs (1.1.3)
    guard (0.7.0)
      thor (~> 0.14.6)
    guard-rspec (0.4.5)
      guard (>= 0.4.0)
    oauth (0.4.5)
    rack (1.3.4)
    rack-protection (1.1.2)
      rack
    rdio (0.0.96)
      oauth (>= 0.3.0)
    robut (0.3.0)
      xmpp4r (~> 0.5.0)
    rspec (2.6.0)
      rspec-core (~> 2.6.0)
      rspec-expectations (~> 2.6.0)
      rspec-mocks (~> 2.6.0)
    rspec-core (2.6.4)
    rspec-expectations (2.6.0)
      diff-lcs (~> 1.1.2)
    rspec-mocks (2.6.0)
    sinatra (1.3.0)
      rack (~> 1.3)
      rack-protection (~> 1.1)
      tilt (~> 1.3)
    thor (0.14.6)
    tilt (1.3.3)
    xmpp4r (0.5)

PLATFORMS
  ruby

DEPENDENCIES
  guard
  guard-rspec
  rdio
  robut
  rspec
  sinatra
